GIT
  remote: https://github.com/markphelps/flipt-grpc-ruby
  revision: 5f48e27ce3d26e6fc59adebe2d8c84eb2c35be55
  branch: master
  specs:
    flipt-grpc (0.1.0)
      grpc (~> 1.0)

GEM
  specs:
    google-protobuf (3.9.2-universal-darwin)
    googleapis-common-protos-types (1.0.4)
      google-protobuf (~> 3.0)
    grpc (1.24.0-universal-darwin)
      google-protobuf (~> 3.8)
      googleapis-common-protos-types (~> 1.0)

PLATFORMS
  ruby

DEPENDENCIES
  flipt-grpc!
  grpc (~> 1.0)

BUNDLED WITH
   1.17.2
